PATH
  remote: .
  specs:
    cc (0.1.0)
      json (~> 2.1.0)
      pdf-reader (~> 2.1.0)
      smarter_csv (~> 1.2.5)
      thor (~> 0.20)

GEM
  remote: https://rubygems.org/
  specs:
    Ascii85 (1.0.3)
    afm (0.2.2)
    awesome_print (1.8.0)
    diff-lcs (1.3)
    hashery (2.1.2)
    json (2.1.0)
    pdf-reader (2.1.0)
      Ascii85 (~> 1.0.0)
      afm (~> 0.2.1)
      hashery (~> 2.0)
      ruby-rc4
      ttfunk
    rake (10.5.0)
    rspec (3.7.0)
      rspec-core (~> 3.7.0)
      rspec-expectations (~> 3.7.0)
      rspec-mocks (~> 3.7.0)
    rspec-core (3.7.1)
      rspec-support (~> 3.7.0)
    rspec-expectations (3.7.0)
      diff-lcs (>= 1.2.0, < 2.0)
      rspec-support (~> 3.7.0)
    rspec-mocks (3.7.0)
      diff-lcs (>= 1.2.0, < 2.0)
      rspec-support (~> 3.7.0)
    rspec-support (3.7.1)
    ruby-rc4 (0.1.5)
    smarter_csv (1.2.5)
    thor (0.20.0)
    ttfunk (1.5.1)

PLATFORMS
  ruby

DEPENDENCIES
  awesome_print
  bundler (~> 1.16)
  cc!
  rake (~> 10.0)
  rspec (~> 3.0)

BUNDLED WITH
   1.16.1
